GEM
  remote: https://rubygems.org/
  specs:
    bigdecimal (3.1.5)
    daemons (1.4.1)
    diff-lcs (1.5.0)
    dotenv (2.8.1)
    eventmachine (1.2.7)
    faye-websocket (0.11.3)
      eventmachine (>= 0.12.0)
      websocket-driver (>= 0.5.1)
    mini_portile2 (2.8.5)
    rack (2.2.8)
    rspec (3.12.0)
      rspec-core (~> 3.12.0)
      rspec-expectations (~> 3.12.0)
      rspec-mocks (~> 3.12.0)
    rspec-core (3.12.2)
      rspec-support (~> 3.12.0)
    rspec-expectations (3.12.3)
      diff-lcs (>= 1.2.0, < 2.0)
      rspec-support (~> 3.12.0)
    rspec-mocks (3.12.6)
      diff-lcs (>= 1.2.0, < 2.0)
      rspec-support (~> 3.12.0)
    rspec-support (3.12.1)
    sequel (5.75.0)
      bigdecimal
    sqlite3 (1.6.9)
      mini_portile2 (~> 2.8.0)
    sqlite3 (1.6.9-x86_64-linux)
    thin (1.8.2)
      daemons (~> 1.0, >= 1.0.9)
      eventmachine (~> 1.0, >= 1.0.4)
      rack (>= 1, < 3)
    websocket-driver (0.7.6)
      websocket-extensions (>= 0.1.0)
    websocket-extensions (0.1.5)

PLATFORMS
  ruby
  x86_64-linux

DEPENDENCIES
  dotenv (~> 2.8, >= 2.8.1)
  faye-websocket (~> 0.11.3)
  rspec (~> 3.12)
  sequel (~> 5.75)
  sqlite3 (~> 1.6, >= 1.6.9)
  thin (~> 1.8)

BUNDLED WITH
   2.5.3
